PATH
  remote: .
  specs:
    journal (1.2.0)
      commander (~> 4.4)

GEM
  remote: http://rubygems.org/
  specs:
    commander (4.4.4)
      highline (~> 1.7.2)
    highline (1.7.10)

PLATFORMS
  ruby

DEPENDENCIES
  journal!

BUNDLED WITH
   1.16.1
