PATH
  remote: .
  specs:
    journal (1.1.0)
      commander

GEM
  remote: http://rubygems.org/
  specs:
    commander (4.4.3)
      highline (~> 1.7.2)
    highline (1.7.8)

PLATFORMS
  ruby

DEPENDENCIES
  journal!

BUNDLED WITH
   1.14.4
